GEM
  remote: https://rubygems.org/
  specs:
    hamlit (2.3.0)
      temple (~> 0.7.6)
      thor
      tilt
    temple (0.7.6)
    thor (0.19.1)
    tilt (2.0.2)

PLATFORMS
  ruby

DEPENDENCIES
  hamlit

BUNDLED WITH
   1.11.2
